GEM
  remote: https://rubygems.org/
  specs:
    chunky_png (1.3.7)

PLATFORMS
  java

DEPENDENCIES
  chunky_png (>= 1.3.7)!

RUBY VERSION
   ruby 2.3.1p0 (jruby 9.1.5.0)

BUNDLED WITH
   1.13.4
